PATH
  remote: .
  specs:
    ait_connect (0.1)
      json
      typhoeus

GEM
  remote: http://rubygems.org/
  specs:
    diff-lcs (1.1.3)
    json (1.6.1)
    mime-types (1.17.2)
    rspec (2.7.0)
      rspec-core (~> 2.7.0)
      rspec-expectations (~> 2.7.0)
      rspec-mocks (~> 2.7.0)
    rspec-core (2.7.1)
    rspec-expectations (2.7.0)
      diff-lcs (~> 1.1.2)
    rspec-mocks (2.7.0)
    typhoeus (0.3.2)
      mime-types

PLATFORMS
  ruby

DEPENDENCIES
  ait_connect!
  rspec
